PATH
  remote: .
  specs:
    isbn_validation (0.2.2)
      activerecord (>= 3)

GEM
  remote: http://rubygems.org/
  specs:
    activemodel (3.0.9)
      activesupport (= 3.0.9)
      builder (~> 2.1.2)
      i18n (~> 0.5.0)
    activerecord (3.0.9)
      activemodel (= 3.0.9)
      activesupport (= 3.0.9)
      arel (~> 2.0.10)
      tzinfo (~> 0.3.23)
    activesupport (3.0.9)
    arel (2.0.10)
    builder (2.1.2)
    i18n (0.5.0)
    tzinfo (0.3.29)

PLATFORMS
  ruby

DEPENDENCIES
  isbn_validation!
